GEM
  remote: https://rubygems.org/
  specs:
    addressable (2.8.7)
      public_suffix (>= 2.0.2, < 7.0)
    archive-zip (0.13.1)
      io-like (~> 0.4.0)
    dotenv (3.1.8)
    epub-cfi (0.1.3)
      racc
    epub-parser (0.4.9)
      addressable (>= 2.3.5)
      archive-zip
      epub-cfi
      rchardet (>= 1.6.1)
      rexml
    io-like (0.4.0)
    minitest (5.25.5)
    nokogiri (1.18.8-arm64-darwin)
      racc (~> 1.4)
    public_suffix (6.0.2)
    racc (1.8.1)
    rchardet (1.9.0)
    rexml (3.4.1)

PLATFORMS
  arm64-darwin-24

DEPENDENCIES
  dotenv
  epub-parser
  minitest
  nokogiri

BUNDLED WITH
   2.6.9
